GEM
  remote: https://rubygems.org/
  specs:
    ast (2.4.1)
    async (1.28.3)
      console (~> 1.10)
      nio4r (~> 2.3)
      timers (~> 4.1)
    async-http (0.54.1)
      async (~> 1.25)
      async-io (~> 1.28)
      async-pool (~> 0.2)
      protocol-http (~> 0.21.0)
      protocol-http1 (~> 0.13.0)
      protocol-http2 (~> 0.14.0)
    async-io (1.30.1)
      async (~> 1.14)
    async-pool (0.3.3)
      async (~> 1.25)
    async-websocket (0.16.0)
      async-http (~> 0.51)
      async-io (~> 1.23)
      protocol-websocket (~> 0.7.0)
    bundler-audit (0.7.0.1)
      bundler (>= 1.2.0, < 3)
      thor (>= 0.18, < 2)
    coderay (1.1.3)
    concurrent-ruby (1.1.7)
    connection_pool (2.2.3)
    console (1.10.1)
      fiber-local
    domain_name (0.5.20190701)
      unf (>= 0.0.5, < 1.0.0)
    faraday (1.3.0)
      faraday-net_http (~> 1.0)
      multipart-post (>= 1.2, < 3)
      ruby2_keywords
    faraday-net_http (1.0.0)
    faraday_middleware (1.0.0)
      faraday (~> 1.0)
    fiber-local (1.0.0)
    geocoder (1.6.4)
    http-accept (1.7.0)
    http-cookie (1.0.3)
      domain_name (~> 0.5)
    httparty (0.18.1)
      mime-types (~> 3.0)
      multi_xml (>= 0.5.2)
    json (2.5.1)
    method_source (1.0.0)
    mime-types (3.3.1)
      mime-types-data (~> 3.2015)
    mime-types-data (3.2020.1104)
    multi_xml (0.6.0)
    multipart-post (2.1.1)
    netrc (0.11.0)
    nio4r (2.5.4)
    parallel (1.20.1)
    parser (3.0.0.0)
      ast (~> 2.4.1)
    protocol-hpack (1.4.2)
    protocol-http (0.21.0)
    protocol-http1 (0.13.2)
      protocol-http (~> 0.19)
    protocol-http2 (0.14.1)
      protocol-hpack (~> 1.4)
      protocol-http (~> 0.18)
    protocol-websocket (0.7.5)
      protocol-http (~> 0.2)
      protocol-http1 (~> 0.2)
    pry (0.13.1)
      coderay (~> 1.1)
      method_source (~> 1.0)
    rack (2.2.3)
    rainbow (3.0.0)
    redis (4.2.5)
    regexp_parser (2.0.3)
    rest-client (2.1.0)
      http-accept (>= 1.7.0, < 2.0)
      http-cookie (>= 1.0.2, < 2.0)
      mime-types (>= 1.16, < 4.0)
      netrc (~> 0.8)
    rexml (3.2.4)
    rubocop (1.8.0)
      parallel (~> 1.10)
      parser (>= 3.0.0.0)
      rainbow (>= 2.2.2, < 4.0)
      regexp_parser (>= 1.8, < 3.0)
      rexml
      rubocop-ast (>= 1.2.0, < 2.0)
      ruby-progressbar (~> 1.7)
      unicode-display_width (>= 1.4.0, < 3.0)
    rubocop-ast (1.4.0)
      parser (>= 2.7.1.5)
    ruby-progressbar (1.11.0)
    ruby2_keywords (0.0.2)
    rushover (0.3.0)
      json
      rest-client
    sidekiq (6.1.2)
      connection_pool (>= 2.2.2)
      rack (~> 2.0)
      redis (>= 4.2.0)
    tesla_api (3.0.7)
      async-websocket
      faraday
      faraday_middleware
    thor (1.0.1)
    timers (4.3.2)
    tzinfo (2.0.4)
      concurrent-ruby (~> 1.0)
    unf (0.1.4)
      unf_ext
    unf_ext (0.0.7.7)
    unicode-display_width (2.0.0)

PLATFORMS
  ruby

DEPENDENCIES
  bundler-audit (~> 0.6)
  geocoder (~> 1.6.1)
  httparty (~> 0.17)
  pry (~> 0.13.1)
  rack (~> 2.2)
  rubocop (~> 1.7)
  rushover (~> 0.3.0)
  sidekiq (~> 6.0)
  tesla_api (~> 3.0)
  tzinfo (~> 2.0.0)

BUNDLED WITH
   2.1.4
